NUGET
  remote: https://api.nuget.org/v3/index.json
    WiX.Toolset (3.9.1006)
